GEM
  remote: http://ruby.taobao.org/
  specs:
    addressable (2.2.8)
    childprocess (0.3.2)
      ffi (~> 1.0.6)
    diff-lcs (1.1.3)
    ffi (1.0.11)
    grape (0.2.0)
      hashie (~> 1.2)
      multi_json
      multi_xml
      rack
      rack-mount
    hashie (1.2.0)
    jasmine (1.1.2)
      jasmine-core (>= 1.1.0)
      rack (>= 1.1)
      rspec (>= 1.3.1)
      selenium-webdriver (>= 0.1.3)
    jasmine-core (1.1.0)
    libwebsocket (0.1.3)
      addressable
    minitest (2.5.1)
    multi_json (1.3.2)
    multi_xml (0.5.1)
    pg (0.13.2)
    rack (1.4.1)
    rack-mount (0.8.3)
      rack (>= 1.0.0)
    rack-rewrite (1.2.1)
    rack-test (0.6.1)
      rack (>= 1.0)
    rake (0.9.2.2)
    rspec (2.10.0)
      rspec-core (~> 2.10.0)
      rspec-expectations (~> 2.10.0)
      rspec-mocks (~> 2.10.0)
    rspec-core (2.10.0)
    rspec-expectations (2.10.0)
      diff-lcs (~> 1.1.3)
    rspec-mocks (2.10.1)
    rubyzip (0.9.8)
    selenium-webdriver (2.21.2)
      childprocess (>= 0.2.5)
      ffi (~> 1.0)
      libwebsocket (~> 0.1.3)
      multi_json (~> 1.0)
      rubyzip
    sequel (3.35.0)
    shotgun (0.9)
      rack (>= 1.0)
    sqlite3 (1.3.5)

PLATFORMS
  ruby

DEPENDENCIES
  grape
  jasmine
  minitest
  pg
  rack
  rack-rewrite
  rack-test
  rake
  sequel
  shotgun
  sqlite3
